GEM
  remote: http://rubygems.org/
  specs:
    daemons (1.1.8)
    eventmachine (0.12.10)
    ffi (1.1.3)
    grape (0.2.1)
      hashie (~> 1.2)
      multi_json
      multi_xml
      rack
      rack-mount
    hallon (0.18.0)
      ref (~> 1.0)
      spotify (~> 12.2.0)
    hallon-openal (1.0.0)
      hallon (~> 0.13)
    hashie (1.2.0)
    multi_json (1.3.6)
    multi_xml (0.5.1)
    rack (1.6.12)
    rack-mount (0.8.3)
      rack (>= 1.0.0)
    rack-test (0.6.1)
      rack (>= 1.0)
    ref (1.0.0)
    spotify (12.2.0)
      ffi (~> 1.0, >= 1.0.11)
    thin (1.4.1)
      daemons (>= 1.0.9)
      eventmachine (>= 0.12.6)
      rack (>= 1.0.0)

PLATFORMS
  ruby

DEPENDENCIES
  grape
  hallon
  hallon-openal
  rack-test
  thin
